PATH
  remote: .
  specs:
    log-courier (1.9.0.pre.2.pre.ga791740)
      cabin (~> 0.6)
      ffi-rzmq (~> 2.0)
      multi_json (~> 1.10)

GEM
  remote: https://rubygems.org/
  specs:
    ast (2.1.0)
    astrolabe (1.3.1)
      parser (~> 2.2)
    cabin (0.9.0)
    diff-lcs (1.2.5)
    ffi (1.11.1)
    ffi (1.11.1-java)
    ffi-rzmq (2.0.7)
      ffi-rzmq-core (>= 1.0.7)
    ffi-rzmq-core (1.0.7)
      ffi
    jrjackson (0.4.9-java)
    multi_json (1.13.1)
    oj (3.9.0)
    parser (2.2.3.0)
      ast (>= 1.1, < 3.0)
    powerpack (0.1.1)
    rainbow (2.0.0)
    rake (10.4.2)
    rspec (3.3.0)
      rspec-core (~> 3.3.0)
      rspec-expectations (~> 3.3.0)
      rspec-mocks (~> 3.3.0)
    rspec-core (3.3.2)
      rspec-support (~> 3.3.0)
    rspec-expectations (3.3.1)
      diff-lcs (>= 1.2.0, < 2.0)
      rspec-support (~> 3.3.0)
    rspec-mocks (3.3.2)
      diff-lcs (>= 1.2.0, < 2.0)
      rspec-support (~> 3.3.0)
    rspec-support (3.3.0)
    rubocop (0.35.0)
      astrolabe (~> 1.3)
      parser (>= 2.2.3.0, < 3.0)
      powerpack (~> 0.1)
      rainbow (>= 1.99.1, < 3.0)
      ruby-progressbar (~> 1.7)
    ruby-prof (0.15.8)
    ruby-progressbar (1.7.5)

PLATFORMS
  java
  ruby

DEPENDENCIES
  jrjackson (~> 0.4)
  log-courier!
  oj (~> 3.8)
  rake
  rspec (~> 3.1)
  rspec-core (~> 3.1)
  rubocop
  ruby-prof (~> 0.15)

BUNDLED WITH
   1.16.6
